GIT
  remote: git://github.com/bkeepers/dotenv.git
  revision: 0f838e55efeff3ada216b0a31e8d60fe4a97e2be
  specs:
    dotenv (2.0.1)
    dotenv-rails (2.0.1)
      dotenv (= 2.0.1)

GEM
  remote: https://rubygems.org/
  specs:
    aasm (4.0.8)
    actionmailer (4.1.10)
      actionpack (= 4.1.10)
      actionview (= 4.1.10)
      mail (~> 2.5, >= 2.5.4)
    actionpack (4.1.10)
      actionview (= 4.1.10)
      activesupport (= 4.1.10)
      rack (~> 1.5.2)
      rack-test (~> 0.6.2)
    actionview (4.1.10)
      activesupport (= 4.1.10)
      builder (~> 3.1)
      erubis (~> 2.7.0)
    activemodel (4.1.10)
      activesupport (= 4.1.10)
      builder (~> 3.1)
    activerecord (4.1.10)
      activemodel (= 4.1.10)
      activesupport (= 4.1.10)
      arel (~> 5.0.0)
    activerecord-import (0.7.0)
      activerecord (>= 3.0)
    activesupport (4.1.10)
      i18n (~> 0.6, >= 0.6.9)
      json (~> 1.7, >= 1.7.7)
      minitest (~> 5.1)
      thread_safe (~> 0.1)
      tzinfo (~> 1.1)
    addressable (2.3.8)
    apiaryio (0.3.0)
      json (~> 1.8.1)
      rack (>= 1.4.0, < 1.6.0)
      rake (~> 10.3.2)
      rest-client (~> 1.7.3)
      thor (~> 0.19.1)
    arel (5.0.1.20140414130214)
    atomic (1.1.99)
    atomic (1.1.99-java)
    avl_tree (1.2.1)
      atomic (~> 1.1)
    awesome_print (1.6.1)
    backports (3.6.4)
    builder (3.2.2)
    celluloid (0.16.0)
      timers (~> 4.0.0)
    coderay (1.1.0)
    composite_primary_keys (7.0.13)
      activerecord (~> 4.1.7)
    contracts (0.9)
    crack (0.4.2)
      safe_yaml (~> 1.0.0)
    database_cleaner (1.4.1)
    diff-lcs (1.2.5)
    docile (1.1.5)
    erubis (2.7.0)
    factory_girl (4.5.0)
      activesupport (>= 3.0.0)
    factory_girl_rails (4.5.0)
      factory_girl (~> 4.5.0)
      railties (>= 3.0.0)
    faraday (0.9.1)
      multipart-post (>= 1.2, < 3)
    faraday_middleware (0.9.1)
      faraday (>= 0.7.4, < 0.10)
    ffi (1.9.8)
    ffi (1.9.8-java)
    formatador (0.2.5)
    guard (2.12.5)
      formatador (>= 0.2.4)
      listen (~> 2.7)
      lumberjack (~> 1.0)
      nenv (~> 0.1)
      notiffany (~> 0.0)
      pry (>= 0.9.12)
      shellany (~> 0.0)
      thor (>= 0.18.1)
    guard-compat (1.2.1)
    guard-rspec (4.5.0)
      guard (~> 2.1)
      guard-compat (~> 1.1)
      rspec (>= 2.99.0, < 4.0)
    hitimes (1.2.2)
    hitimes (1.2.2-java)
    i18n (0.7.0)
    jbuilder (2.2.13)
      activesupport (>= 3.0.0, < 5)
      multi_json (~> 1.2)
    json (1.8.2)
    json (1.8.2-java)
    json_expressions (0.8.3)
    listen (2.10.0)
      celluloid (~> 0.16.0)
      rb-fsevent (>= 0.9.3)
      rb-inotify (>= 0.9)
    low_card_tables (1.1.0)
      activerecord (>= 3.0, <= 4.99.99)
      activerecord-import
      activesupport (>= 3.0, <= 4.99.99)
    lumberjack (1.0.9)
    mail (2.6.3)
      mime-types (>= 1.16, < 3)
    memcached (1.8.0)
    memoist (0.12.0)
    method_source (0.8.2)
    metriks (0.9.9.7)
      atomic (~> 1.0)
      avl_tree (~> 1.2.0)
      hitimes (~> 1.1)
    mime-types (2.5)
    minitest (5.6.1)
    multi_json (1.11.0)
    multipart-post (2.0.0)
    nenv (0.2.0)
    netrc (0.10.3)
    notiffany (0.0.6)
      nenv (~> 0.1)
      shellany (~> 0.0)
    oat (0.4.6)
      activesupport
    pg (0.18.1)
    pry (0.10.1)
      coderay (~> 1.1.0)
      method_source (~> 0.8.1)
      slop (~> 3.4)
    pry (0.10.1-java)
      coderay (~> 1.1.0)
      method_source (~> 0.8.1)
      slop (~> 3.4)
      spoon (~> 0.0)
    pry-rails (0.3.4)
      pry (>= 0.9.10)
    puma (2.11.2)
      rack (>= 1.1, < 2.0)
    puma (2.11.2-java)
      rack (>= 1.1, < 2.0)
    rack (1.5.3)
    rack-attack (4.2.0)
      rack
    rack-cors (0.4.0)
    rack-test (0.6.3)
      rack (>= 1.0)
    rails (4.1.10)
      actionmailer (= 4.1.10)
      actionpack (= 4.1.10)
      actionview (= 4.1.10)
      activemodel (= 4.1.10)
      activerecord (= 4.1.10)
      activesupport (= 4.1.10)
      bundler (>= 1.3.0, < 2.0)
      railties (= 4.1.10)
      sprockets-rails (~> 2.0)
    rails_stdout_logging (0.0.3)
    railties (4.1.10)
      actionpack (= 4.1.10)
      activesupport (= 4.1.10)
      rake (>= 0.8.7)
      thor (>= 0.18.1, < 2.0)
    rake (10.3.2)
    rb-fsevent (0.9.4)
    rb-inotify (0.9.5)
      ffi (>= 0.5.0)
    rbnacl (3.1.2)
      ffi
    rdoc (4.2.0)
    rest-client (1.7.3)
      mime-types (>= 1.16, < 3.0)
      netrc (~> 0.7)
    rspec (3.2.0)
      rspec-core (~> 3.2.0)
      rspec-expectations (~> 3.2.0)
      rspec-mocks (~> 3.2.0)
    rspec-core (3.2.3)
      rspec-support (~> 3.2.0)
    rspec-expectations (3.2.1)
      diff-lcs (>= 1.2.0, < 2.0)
      rspec-support (~> 3.2.0)
    rspec-mocks (3.2.1)
      diff-lcs (>= 1.2.0, < 2.0)
      rspec-support (~> 3.2.0)
    rspec-rails (3.2.1)
      actionpack (>= 3.0, < 4.3)
      activesupport (>= 3.0, < 4.3)
      railties (>= 3.0, < 4.3)
      rspec-core (~> 3.2.0)
      rspec-expectations (~> 3.2.0)
      rspec-mocks (~> 3.2.0)
      rspec-support (~> 3.2.0)
    rspec-support (3.2.2)
    safe_yaml (1.0.4)
    sdoc (0.4.1)
      json (~> 1.7, >= 1.7.7)
      rdoc (~> 4.0)
    sentry-raven (0.13.2)
      faraday (>= 0.7.6)
    sequel (4.21.0)
    shellany (0.0.1)
    shoulda-matchers (2.8.0)
      activesupport (>= 3.0.0)
    simplecov (0.10.0)
      docile (~> 1.1.0)
      json (~> 1.8)
      simplecov-html (~> 0.10.0)
    simplecov-html (0.10.0)
    slop (3.6.0)
    spoon (0.0.4)
      ffi
    sprockets (3.1.0)
      rack (~> 1.0)
    sprockets-rails (2.3.0)
      actionpack (>= 3.0)
      activesupport (>= 3.0)
      sprockets (>= 2.8, < 4.0)
    sqlite3 (1.3.10)
    stellar-base (0.0.7)
      activesupport (~> 4)
      rbnacl
      xdr (~> 0.0.2)
    stellar_core_commander (0.0.5)
      activesupport (>= 4.0.0)
      contracts (~> 0.9)
      faraday (~> 0.9.1)
      faraday_middleware (~> 0.9.1)
      pg (~> 0.18.1)
      sequel (~> 4.21.0)
      slop (~> 3.6.0)
      stellar-base (= 0.0.7)
    sucker_punch (1.4.0)
      celluloid (~> 0.16.0)
    thor (0.19.1)
    thread_safe (0.3.5)
    thread_safe (0.3.5-java)
    timecop (0.7.3)
    timers (4.0.1)
      hitimes
    tzinfo (1.2.2)
      thread_safe (~> 0.1)
    vcr (2.9.3)
    webmock (1.21.0)
      addressable (>= 2.3.6)
      crack (>= 0.3.2)
    xdr (0.0.2)
      activemodel (~> 4)
      activesupport (~> 4)
      backports (~> 3.6)
    yard (0.8.7.6)

PLATFORMS
  java
  ruby

DEPENDENCIES
  aasm (~> 4.0.8)
  apiaryio
  awesome_print
  backports
  celluloid
  composite_primary_keys (~> 7.0.13)
  database_cleaner
  dotenv-rails!
  factory_girl_rails
  faraday
  faraday_middleware
  guard
  guard-rspec
  jbuilder (~> 2.0)
  json_expressions
  low_card_tables
  memcached
  memoist
  metriks (~> 0.9.9.7)
  oat
  pg
  pry-rails
  puma
  rack-attack
  rack-cors
  rails (~> 4.1.0)
  rails_stdout_logging
  rspec-rails
  sdoc (~> 0.4.0)
  sentry-raven
  shoulda-matchers
  simplecov
  sqlite3
  stellar-base
  stellar_core_commander (>= 0.0.4)
  sucker_punch
  timecop
  vcr
  webmock
  xdr
  yard
